PATH
  remote: .
  specs:
    payment-processing-interventions (6.3.0)
      sorbet-runtime
      zeitwerk

GEM
  remote: https://rubygems.org/
  specs:
    activemodel (8.0.0)
      activesupport (= 8.0.0)
    activerecord (8.0.0)
      activemodel (= 8.0.0)
      activesupport (= 8.0.0)
      timeout (>= 0.4.0)
    activesupport (8.0.0)
      base64
      benchmark (>= 0.3)
      bigdecimal
      concurrent-ruby (~> 1.0, >= 1.3.1)
      connection_pool (>= 2.2.5)
      drb
      i18n (>= 1.6, < 2)
      logger (>= 1.4.2)
      minitest (>= 5.1)
      securerandom (>= 0.3)
      tzinfo (~> 2.0, >= 2.0.5)
      uri (>= 0.13.1)
    addressable (2.8.7)
      public_suffix (>= 2.0.2, < 7.0)
    ast (2.4.2)
    base64 (0.2.0)
    benchmark (0.4.0)
    bigdecimal (3.1.8)
    coderay (1.1.3)
    concurrent-ruby (1.3.4)
    connection_pool (2.4.1)
    diff-lcs (1.5.1)
    drb (2.2.1)
    erubi (1.13.0)
    et-orbi (1.2.11)
      tzinfo
    faraday (2.12.2)
      faraday-net_http (>= 2.0, < 3.5)
      json
      logger
    faraday-net_http (3.4.0)
      net-http (>= 0.5.0)
    faraday-retry (2.2.1)
      faraday (~> 2.0)
    fugit (1.11.1)
      et-orbi (~> 1, >= 1.2.11)
      raabro (~> 1.4)
    gapic-common (0.24.0)
      faraday (>= 1.9, < 3.a)
      faraday-retry (>= 1.0, < 3.a)
      google-cloud-env (~> 2.2)
      google-logging-utils (~> 0.1)
      google-protobuf (>= 3.25, < 5.a)
      googleapis-common-protos (~> 1.6)
      googleapis-common-protos-types (~> 1.15)
      googleauth (~> 1.12)
      grpc (~> 1.66)
    gc_ruboconfig (5.0.2)
      rubocop (>= 1.63)
      rubocop-factory_bot (>= 2.26.1)
      rubocop-performance (>= 1.21)
      rubocop-rails (>= 2.25.0)
      rubocop-rspec (>= 3.0.1)
      rubocop-rspec_rails (>= 2.30.0)
    google-cloud-core (1.7.1)
      google-cloud-env (>= 1.0, < 3.a)
      google-cloud-errors (~> 1.0)
    google-cloud-env (2.2.1)
      faraday (>= 1.0, < 3.a)
    google-cloud-errors (1.4.0)
    google-cloud-pubsub (2.19.0)
      concurrent-ruby (~> 1.1)
      google-cloud-core (~> 1.5)
      google-cloud-pubsub-v1 (>= 0.20, < 2.a)
      retriable (~> 3.1)
    google-cloud-pubsub-v1 (1.4.0)
      gapic-common (>= 0.24.0, < 2.a)
      google-cloud-errors (~> 1.0)
      google-iam-v1 (>= 0.7, < 2.a)
    google-iam-v1 (1.2.0)
      gapic-common (>= 0.24.0, < 2.a)
      google-cloud-errors (~> 1.0)
      grpc-google-iam-v1 (~> 1.1)
    google-logging-utils (0.1.0)
    google-protobuf (4.29.1-aarch64-linux)
      bigdecimal
      rake (>= 13)
    google-protobuf (4.29.1-arm64-darwin)
      bigdecimal
      rake (>= 13)
    google-protobuf (4.29.1-x86_64-darwin)
      bigdecimal
      rake (>= 13)
    google-protobuf (4.29.1-x86_64-linux)
      bigdecimal
      rake (>= 13)
    googleapis-common-protos (1.6.0)
      google-protobuf (>= 3.18, < 5.a)
      googleapis-common-protos-types (~> 1.7)
      grpc (~> 1.41)
    googleapis-common-protos-types (1.16.0)
      google-protobuf (>= 3.18, < 5.a)
    googleauth (1.12.0)
      faraday (>= 1.0, < 3.a)
      google-cloud-env (~> 2.2)
      google-logging-utils (~> 0.1)
      jwt (>= 1.4, < 3.0)
      multi_json (~> 1.11)
      os (>= 0.9, < 2.0)
      signet (>= 0.16, < 2.a)
    grpc (1.68.1-aarch64-linux)
      google-protobuf (>= 3.25, < 5.0)
      googleapis-common-protos-types (~> 1.0)
    grpc (1.68.1-arm64-darwin)
      google-protobuf (>= 3.25, < 5.0)
      googleapis-common-protos-types (~> 1.0)
    grpc (1.68.1-x86_64-darwin)
      google-protobuf (>= 3.25, < 5.0)
      googleapis-common-protos-types (~> 1.0)
    grpc (1.68.1-x86_64-linux)
      google-protobuf (>= 3.25, < 5.0)
      googleapis-common-protos-types (~> 1.0)
    grpc-google-iam-v1 (1.8.0)
      google-protobuf (>= 3.18, < 5.a)
      googleapis-common-protos (~> 1.4)
      grpc (~> 1.41)
    i18n (1.14.6)
      concurrent-ruby (~> 1.0)
    json (2.7.6)
    jwt (2.9.3)
      base64
    language_server-protocol (3.17.0.3)
    logger (1.6.2)
    method_source (1.1.0)
    minitest (5.25.4)
    multi_json (1.15.0)
    net-http (0.6.0)
      uri
    netrc (0.11.0)
    os (1.1.4)
    parallel (1.26.3)
    parser (3.3.6.0)
      ast (~> 2.4.1)
      racc
    prism (1.2.0)
    prometheus-client (4.2.3)
      base64
    pry (0.15.0)
      coderay (~> 1.1)
      method_source (~> 1.0)
    public_suffix (6.0.1)
    raabro (1.4.0)
    racc (1.8.1)
    rack (3.1.8)
    rackup (2.2.1)
      rack (>= 3)
    rainbow (3.1.1)
    rake (13.2.1)
    rbi (0.2.1)
      prism (~> 1.0)
      sorbet-runtime (>= 0.5.9204)
    regexp_parser (2.9.3)
    retriable (3.1.2)
    rspec (3.13.0)
      rspec-core (~> 3.13.0)
      rspec-expectations (~> 3.13.0)
      rspec-mocks (~> 3.13.0)
    rspec-core (3.13.2)
      rspec-support (~> 3.13.0)
    rspec-expectations (3.13.3)
      diff-lcs (>= 1.2.0, < 2.0)
      rspec-support (~> 3.13.0)
    rspec-github (2.4.0)
      rspec-core (~> 3.0)
    rspec-mocks (3.13.2)
      diff-lcs (>= 1.2.0, < 2.0)
      rspec-support (~> 3.13.0)
    rspec-sorbet (1.9.2)
      sorbet-runtime
    rspec-support (3.13.2)
    rubocop (1.69.1)
      json (~> 2.3)
      language_server-protocol (>= 3.17.0)
      parallel (~> 1.10)
      parser (>= 3.3.0.2)
      rainbow (>= 2.2.2, < 4.0)
      regexp_parser (>= 2.9.3, < 3.0)
      rubocop-ast (>= 1.36.2, < 2.0)
      ruby-progressbar (~> 1.7)
      unicode-display_width (>= 2.4.0, < 4.0)
    rubocop-ast (1.36.2)
      parser (>= 3.3.1.0)
    rubocop-factory_bot (2.26.1)
      rubocop (~> 1.61)
    rubocop-performance (1.23.0)
      rubocop (>= 1.48.1, < 2.0)
      rubocop-ast (>= 1.31.1, < 2.0)
    rubocop-rails (2.27.0)
      activesupport (>= 4.2.0)
      rack (>= 1.1)
      rubocop (>= 1.52.0, < 2.0)
      rubocop-ast (>= 1.31.1, < 2.0)
    rubocop-rspec (3.2.0)
      rubocop (~> 1.61)
    rubocop-rspec_rails (2.30.0)
      rubocop (~> 1.61)
      rubocop-rspec (~> 3, >= 3.0.1)
    rubocop-sorbet (0.8.7)
      rubocop (>= 1)
    ruby-progressbar (1.13.0)
    rufus-scheduler (3.9.2)
      fugit (~> 1.1, >= 1.11.1)
    securerandom (0.3.2)
    signet (0.19.0)
      addressable (~> 2.8)
      faraday (>= 0.17.5, < 3.a)
      jwt (>= 1.5, < 3.0)
      multi_json (~> 1.10)
    sorbet (0.5.11690)
      sorbet-static (= 0.5.11690)
    sorbet-runtime (0.5.11690)
    sorbet-static (0.5.11690-aarch64-linux)
    sorbet-static (0.5.11690-universal-darwin)
    sorbet-static (0.5.11690-x86_64-linux)
    sorbet-static-and-runtime (0.5.11690)
      sorbet (= 0.5.11690)
      sorbet-runtime (= 0.5.11690)
    spoom (1.5.0)
      erubi (>= 1.10.0)
      prism (>= 0.28.0)
      sorbet-static-and-runtime (>= 0.5.10187)
      thor (>= 0.19.2)
    tapioca (0.16.4)
      bundler (>= 2.2.25)
      netrc (>= 0.11.0)
      parallel (>= 1.21.0)
      rbi (~> 0.2)
      sorbet-static-and-runtime (>= 0.5.11087)
      spoom (>= 1.2.0)
      thor (>= 1.2.0)
      yard-sorbet
    thor (1.3.2)
    timecop (0.9.10)
    timeout (0.4.2)
    tzinfo (2.0.6)
      concurrent-ruby (~> 1.0)
    unicode-display_width (3.1.2)
      unicode-emoji (~> 4.0, >= 4.0.4)
    unicode-emoji (4.0.4)
    uri (1.0.2)
    webrick (1.9.1)
    yard (0.9.37)
    yard-sorbet (0.9.0)
      sorbet-runtime
      yard
    zeitwerk (2.6.18)

GEM
  remote: https://rubygems.pkg.github.com/gocardless/
  specs:
    hesiod (0.20.3)
      concurrent-ruby
      prometheus-client
      rackup (>= 1.0)
      rufus-scheduler
      sorbet-static-and-runtime
      webrick
      zeitwerk
    loggy (0.30.0)
      activesupport
      json (>= 2.6.1, < 2.8.0)
    sorbet-utils (1.0.0.beta5)
      activerecord
      activesupport
      google-cloud-pubsub (~> 2)
      sorbet-runtime

PLATFORMS
  aarch64-linux
  arm64-darwin
  universal-darwin
  x86_64-darwin
  x86_64-linux

DEPENDENCIES
  gc_ruboconfig (~> 5.0)
  hesiod (= 0.20.3)!
  loggy (= 0.30.0)!
  payment-processing-interventions!
  pry (~> 0.15.0)
  rake (~> 13.0)
  rspec (~> 3.0)
  rspec-github
  rspec-sorbet
  rubocop (~> 1.69)
  rubocop-sorbet
  sorbet
  sorbet-utils (= 1.0.0.beta5)!
  tapioca
  timecop

BUNDLED WITH
   2.5.9
